GIT
  remote: git://github.com/cheald/manticore.git
  revision: 6764e2d3fb67a1ef244cb4610d5b74ba1dd6694c
  specs:
    manticore (0.6.1-java)

GEM
  remote: https://rubygems.org/
  specs:
    curb (0.9.4)
    domain_name (0.5.20170404)
      unf (>= 0.0.5, < 1.0.0)
    ethon (0.11.0)
      ffi (>= 1.3.0)
    excon (0.62.0)
    faraday (0.14.0)
      multipart-post (>= 1.2, < 3)
    ffi (1.9.23)
    ffi (1.9.23-java)
    gnuplot (2.6.2)
    hitimes (1.2.6)
    hitimes (1.2.6-java)
    http-cookie (1.0.3)
      domain_name (~> 0.5)
    httparty (0.16.2)
      multi_xml (>= 0.5.2)
    httpclient (2.8.3)
    mime-types (3.1)
      mime-types-data (~> 3.2015)
    mime-types-data (3.2016.0521)
    multi_xml (0.6.0)
    multipart-post (2.0.0)
    netrc (0.11.0)
    rest-client (2.0.2)
      http-cookie (>= 1.0.2, < 2.0)
      mime-types (>= 1.16, < 4.0)
      netrc (~> 0.8)
    typhoeus (1.3.0)
      ethon (>= 0.9.0)
    unf (0.1.4)
      unf_ext
    unf (0.1.4-java)
    unf_ext (0.0.7.5)

PLATFORMS
  java
  ruby

DEPENDENCIES
  curb
  excon
  faraday
  gnuplot
  hitimes
  httparty
  httpclient
  manticore!
  rest-client
  typhoeus

BUNDLED WITH
   1.16.1
